PATH
  remote: .
  specs:
    uber_cache (0.0.1)
      dalli (~> 2.0)

GEM
  remote: https://rubygems.org/
  specs:
    dalli (2.7.6)
    diff-lcs (1.2.5)
    rspec (2.14.1)
      rspec-core (~> 2.14.0)
      rspec-expectations (~> 2.14.0)
      rspec-mocks (~> 2.14.0)
    rspec-core (2.14.8)
    rspec-expectations (2.14.5)
      diff-lcs (>= 1.1.3, < 2.0)
    rspec-mocks (2.14.6)

PLATFORMS
  ruby

DEPENDENCIES
  rspec
  uber_cache!

BUNDLED WITH
   1.10.6
